GIT
  remote: https://github.com/rails/rails.git
  revision: 444df0eee1b537ecaa11509e819b071d4e87b519
  branch: main
  specs:
    actioncable (7.1.0.alpha)
      actionpack (= 7.1.0.alpha)
      activesupport (= 7.1.0.alpha)
      nio4r (~> 2.0)
      websocket-driver (>= 0.6.1)
      zeitwerk (~> 2.6)
    actionmailbox (7.1.0.alpha)
      actionpack (= 7.1.0.alpha)
      activejob (= 7.1.0.alpha)
      activerecord (= 7.1.0.alpha)
      activestorage (= 7.1.0.alpha)
      activesupport (= 7.1.0.alpha)
      mail (>= 2.7.1)
      net-imap
      net-pop
      net-smtp
    actionmailer (7.1.0.alpha)
      actionpack (= 7.1.0.alpha)
      actionview (= 7.1.0.alpha)
      activejob (= 7.1.0.alpha)
      activesupport (= 7.1.0.alpha)
      mail (~> 2.5, >= 2.5.4)
      net-imap
      net-pop
      net-smtp
      rails-dom-testing (~> 2.0)
    actionpack (7.1.0.alpha)
      actionview (= 7.1.0.alpha)
      activesupport (= 7.1.0.alpha)
      nokogiri (>= 1.8.5)
      rack (>= 2.2.4)
      rack-session (>= 1.0.1)
      rack-test (>= 0.6.3)
      rails-dom-testing (~> 2.0)
      rails-html-sanitizer (~> 1.0, >= 1.2.0)
    actiontext (7.1.0.alpha)
      actionpack (= 7.1.0.alpha)
      activerecord (= 7.1.0.alpha)
      activestorage (= 7.1.0.alpha)
      activesupport (= 7.1.0.alpha)
      globalid (>= 0.6.0)
      nokogiri (>= 1.8.5)
    actionview (7.1.0.alpha)
      activesupport (= 7.1.0.alpha)
      builder (~> 3.1)
      erubi (~> 1.11)
      rails-dom-testing (~> 2.0)
      rails-html-sanitizer (~> 1.1, >= 1.2.0)
    activejob (7.1.0.alpha)
      activesupport (= 7.1.0.alpha)
      globalid (>= 0.3.6)
    activemodel (7.1.0.alpha)
      activesupport (= 7.1.0.alpha)
    activerecord (7.1.0.alpha)
      activemodel (= 7.1.0.alpha)
      activesupport (= 7.1.0.alpha)
    activestorage (7.1.0.alpha)
      actionpack (= 7.1.0.alpha)
      activejob (= 7.1.0.alpha)
      activerecord (= 7.1.0.alpha)
      activesupport (= 7.1.0.alpha)
      marcel (~> 1.0)
    activesupport (7.1.0.alpha)
      concurrent-ruby (~> 1.0, >= 1.0.2)
      connection_pool (>= 2.2.5)
      i18n (>= 1.6, < 2)
      minitest (>= 5.1)
      tzinfo (~> 2.0)
    rails (7.1.0.alpha)
      actioncable (= 7.1.0.alpha)
      actionmailbox (= 7.1.0.alpha)
      actionmailer (= 7.1.0.alpha)
      actionpack (= 7.1.0.alpha)
      actiontext (= 7.1.0.alpha)
      actionview (= 7.1.0.alpha)
      activejob (= 7.1.0.alpha)
      activemodel (= 7.1.0.alpha)
      activerecord (= 7.1.0.alpha)
      activestorage (= 7.1.0.alpha)
      activesupport (= 7.1.0.alpha)
      bundler (>= 1.15.0)
      railties (= 7.1.0.alpha)
    railties (7.1.0.alpha)
      actionpack (= 7.1.0.alpha)
      activesupport (= 7.1.0.alpha)
      irb
      rackup (>= 1.0.0)
      rake (>= 12.2)
      thor (~> 1.0)
      zeitwerk (~> 2.6)

GEM
  remote: https://rubygems.org/
  specs:
    bindex (0.8.1)
    bootsnap (1.16.0)
      msgpack (~> 1.2)
    builder (3.2.4)
    concurrent-ruby (1.2.2)
    connection_pool (2.4.0)
    crass (1.0.6)
    date (3.3.3)
    debug (1.7.2)
      irb (>= 1.5.0)
      reline (>= 0.3.1)
    error_highlight (0.5.1)
    erubi (1.12.0)
    globalid (1.1.0)
      activesupport (>= 5.0)
    google-protobuf (3.22.3-x86_64-linux)
    googleapis-common-protos-types (1.5.0)
      google-protobuf (~> 3.14)
    i18n (1.12.0)
      concurrent-ruby (~> 1.0)
    importmap-rails (1.1.5)
      actionpack (>= 6.0.0)
      railties (>= 6.0.0)
    io-console (0.6.0)
    irb (1.6.4)
      reline (>= 0.3.0)
    jbuilder (2.11.5)
      actionview (>= 5.0.0)
      activesupport (>= 5.0.0)
    loofah (2.20.0)
      crass (~> 1.0.2)
      nokogiri (>= 1.5.9)
    mail (2.8.1)
      mini_mime (>= 0.1.1)
      net-imap
      net-pop
      net-smtp
    marcel (1.0.2)
    mini_mime (1.1.2)
    minitest (5.18.0)
    msgpack (1.7.0)
    net-imap (0.3.4)
      date
      net-protocol
    net-pop (0.1.2)
      net-protocol
    net-protocol (0.2.1)
      timeout
    net-smtp (0.3.3)
      net-protocol
    nio4r (2.5.9)
    nokogiri (1.14.3-x86_64-linux)
      racc (~> 1.4)
    opentelemetry-api (1.1.0)
    opentelemetry-common (0.19.6)
      opentelemetry-api (~> 1.0)
    opentelemetry-exporter-otlp (0.24.0)
      google-protobuf (~> 3.19)
      googleapis-common-protos-types (~> 1.3)
      opentelemetry-api (~> 1.1)
      opentelemetry-common (~> 0.19.6)
      opentelemetry-sdk (~> 1.2)
      opentelemetry-semantic_conventions
    opentelemetry-instrumentation-action_pack (0.5.0)
      opentelemetry-api (~> 1.0)
      opentelemetry-instrumentation-base (~> 0.21.0)
      opentelemetry-instrumentation-rack (~> 0.21)
    opentelemetry-instrumentation-action_view (0.4.0)
      opentelemetry-api (~> 1.0)
      opentelemetry-instrumentation-active_support (~> 0.1)
      opentelemetry-instrumentation-base (~> 0.20)
    opentelemetry-instrumentation-active_job (0.4.0)
      opentelemetry-api (~> 1.0)
      opentelemetry-instrumentation-base (~> 0.21.0)
    opentelemetry-instrumentation-active_model_serializers (0.19.1)
      opentelemetry-api (~> 1.0)
      opentelemetry-instrumentation-base (~> 0.21.0)
    opentelemetry-instrumentation-active_record (0.5.0)
      opentelemetry-api (~> 1.0)
      opentelemetry-instrumentation-base (~> 0.21.0)
      ruby2_keywords
    opentelemetry-instrumentation-active_support (0.3.0)
      opentelemetry-api (~> 1.0)
      opentelemetry-instrumentation-base (~> 0.21.0)
    opentelemetry-instrumentation-all (0.33.0)
      opentelemetry-instrumentation-active_model_serializers (~> 0.19.0)
      opentelemetry-instrumentation-aws_sdk (~> 0.3.0)
      opentelemetry-instrumentation-bunny (~> 0.19.0)
      opentelemetry-instrumentation-concurrent_ruby (~> 0.20.0)
      opentelemetry-instrumentation-dalli (~> 0.22.0)
      opentelemetry-instrumentation-delayed_job (~> 0.19.0)
      opentelemetry-instrumentation-ethon (~> 0.20.0)
      opentelemetry-instrumentation-excon (~> 0.20.0)
      opentelemetry-instrumentation-faraday (~> 0.22.0)
      opentelemetry-instrumentation-graphql (~> 0.24.0)
      opentelemetry-instrumentation-http (~> 0.21.0)
      opentelemetry-instrumentation-http_client (~> 0.21.0)
      opentelemetry-instrumentation-koala (~> 0.19.0)
      opentelemetry-instrumentation-lmdb (~> 0.21.0)
      opentelemetry-instrumentation-mongo (~> 0.21.0)
      opentelemetry-instrumentation-mysql2 (~> 0.22.0)
      opentelemetry-instrumentation-net_http (~> 0.21.0)
      opentelemetry-instrumentation-pg (~> 0.23.0)
      opentelemetry-instrumentation-que (~> 0.5.0)
      opentelemetry-instrumentation-racecar (~> 0.1.0)
      opentelemetry-instrumentation-rack (~> 0.22.0)
      opentelemetry-instrumentation-rails (~> 0.25.0)
      opentelemetry-instrumentation-rake (~> 0.1.0)
      opentelemetry-instrumentation-rdkafka (~> 0.2.0)
      opentelemetry-instrumentation-redis (~> 0.24.0)
      opentelemetry-instrumentation-resque (~> 0.3.0)
      opentelemetry-instrumentation-restclient (~> 0.21.0)
      opentelemetry-instrumentation-ruby_kafka (~> 0.19.0)
      opentelemetry-instrumentation-sidekiq (~> 0.22.0)
      opentelemetry-instrumentation-sinatra (~> 0.21.0)
      opentelemetry-instrumentation-trilogy (~> 0.52.0)
    opentelemetry-instrumentation-aws_sdk (0.3.2)
      opentelemetry-api (~> 1.0)
      opentelemetry-instrumentation-base (~> 0.21.0)
    opentelemetry-instrumentation-base (0.21.1)
      opentelemetry-api (~> 1.0)
      opentelemetry-registry (~> 0.1)
    opentelemetry-instrumentation-bunny (0.19.1)
      opentelemetry-api (~> 1.0)
      opentelemetry-instrumentation-base (~> 0.21.0)
    opentelemetry-instrumentation-concurrent_ruby (0.20.1)
      opentelemetry-api (~> 1.0)
      opentelemetry-instrumentation-base (~> 0.21.0)
    opentelemetry-instrumentation-dalli (0.22.2)
      opentelemetry-api (~> 1.0)
      opentelemetry-common (~> 0.19.3)
      opentelemetry-instrumentation-base (~> 0.21.0)
    opentelemetry-instrumentation-delayed_job (0.19.1)
      opentelemetry-api (~> 1.0)
      opentelemetry-instrumentation-base (~> 0.21.0)
    opentelemetry-instrumentation-ethon (0.20.1)
      opentelemetry-api (~> 1.0)
      opentelemetry-common (~> 0.19.3)
      opentelemetry-instrumentation-base (~> 0.21.0)
    opentelemetry-instrumentation-excon (0.20.1)
      opentelemetry-api (~> 1.0)
      opentelemetry-common (~> 0.19.3)
      opentelemetry-instrumentation-base (~> 0.21.0)
    opentelemetry-instrumentation-faraday (0.22.0)
      opentelemetry-api (~> 1.0)
      opentelemetry-common (~> 0.19.3)
      opentelemetry-instrumentation-base (~> 0.21.0)
    opentelemetry-instrumentation-graphql (0.24.0)
      opentelemetry-api (~> 1.0)
      opentelemetry-instrumentation-base (~> 0.21.0)
    opentelemetry-instrumentation-http (0.21.0)
      opentelemetry-api (~> 1.0)
      opentelemetry-instrumentation-base (~> 0.21.0)
    opentelemetry-instrumentation-http_client (0.21.0)
      opentelemetry-api (~> 1.0)
      opentelemetry-common (~> 0.19.3)
      opentelemetry-instrumentation-base (~> 0.21.0)
    opentelemetry-instrumentation-koala (0.19.1)
      opentelemetry-api (~> 1.0)
      opentelemetry-common (~> 0.19.3)
      opentelemetry-instrumentation-base (~> 0.21.0)
    opentelemetry-instrumentation-lmdb (0.21.1)
      opentelemetry-api (~> 1.0)
      opentelemetry-instrumentation-base (~> 0.21.0)
    opentelemetry-instrumentation-mongo (0.21.1)
      opentelemetry-api (~> 1.0)
      opentelemetry-instrumentation-base (~> 0.21.0)
    opentelemetry-instrumentation-mysql2 (0.22.0)
      opentelemetry-api (~> 1.0)
      opentelemetry-instrumentation-base (~> 0.21.0)
    opentelemetry-instrumentation-net_http (0.21.1)
      opentelemetry-api (~> 1.0)
      opentelemetry-common (~> 0.19.3)
      opentelemetry-instrumentation-base (~> 0.21.0)
    opentelemetry-instrumentation-pg (0.23.0)
      opentelemetry-api (~> 1.0)
      opentelemetry-instrumentation-base (~> 0.21.0)
    opentelemetry-instrumentation-que (0.5.1)
      opentelemetry-api (~> 1.0)
      opentelemetry-instrumentation-base (~> 0.21.0)
    opentelemetry-instrumentation-racecar (0.1.2)
      opentelemetry-api (~> 1.0)
      opentelemetry-instrumentation-base (~> 0.21.0)
    opentelemetry-instrumentation-rack (0.22.1)
      opentelemetry-api (~> 1.0)
      opentelemetry-common (~> 0.19.3)
      opentelemetry-instrumentation-base (~> 0.21.0)
    opentelemetry-instrumentation-rails (0.25.0)
      opentelemetry-api (~> 1.0)
      opentelemetry-instrumentation-action_pack (~> 0.5.0)
      opentelemetry-instrumentation-action_view (~> 0.4.0)
      opentelemetry-instrumentation-active_job (~> 0.4.0)
      opentelemetry-instrumentation-active_record (~> 0.5.0)
      opentelemetry-instrumentation-active_support (~> 0.3.0)
      opentelemetry-instrumentation-base (~> 0.21.0)
    opentelemetry-instrumentation-rake (0.1.1)
      opentelemetry-api (~> 1.0)
      opentelemetry-instrumentation-base (~> 0.21.0)
    opentelemetry-instrumentation-rdkafka (0.2.3)
      opentelemetry-api (~> 1.0)
      opentelemetry-common (~> 0.19.3)
      opentelemetry-instrumentation-base (~> 0.21.0)
    opentelemetry-instrumentation-redis (0.24.1)
      opentelemetry-api (~> 1.0)
      opentelemetry-common (~> 0.19.3)
      opentelemetry-instrumentation-base (~> 0.21.0)
    opentelemetry-instrumentation-resque (0.3.1)
      opentelemetry-api (~> 1.0)
      opentelemetry-instrumentation-base (~> 0.21.0)
    opentelemetry-instrumentation-restclient (0.21.0)
      opentelemetry-api (~> 1.0)
      opentelemetry-common (~> 0.19.3)
      opentelemetry-instrumentation-base (~> 0.21.0)
    opentelemetry-instrumentation-ruby_kafka (0.19.1)
      opentelemetry-api (~> 1.0)
      opentelemetry-instrumentation-base (~> 0.21.0)
    opentelemetry-instrumentation-sidekiq (0.22.1)
      opentelemetry-api (~> 1.0)
      opentelemetry-common (~> 0.19.3)
      opentelemetry-instrumentation-base (~> 0.21.0)
    opentelemetry-instrumentation-sinatra (0.21.5)
      opentelemetry-api (~> 1.0)
      opentelemetry-common (~> 0.19.3)
      opentelemetry-instrumentation-base (~> 0.21.0)
      opentelemetry-instrumentation-rack (~> 0.21)
    opentelemetry-instrumentation-trilogy (0.52.0)
      opentelemetry-api (~> 1.0)
      opentelemetry-instrumentation-base (~> 0.21.0)
      opentelemetry-semantic_conventions (>= 1.8.0)
    opentelemetry-registry (0.2.0)
      opentelemetry-api (~> 1.1)
    opentelemetry-sdk (1.2.0)
      opentelemetry-api (~> 1.1)
      opentelemetry-common (~> 0.19.3)
      opentelemetry-registry (~> 0.2)
      opentelemetry-semantic_conventions
    opentelemetry-semantic_conventions (1.8.0)
      opentelemetry-api (~> 1.0)
    puma (6.2.1)
      nio4r (~> 2.0)
    racc (1.6.2)
    rack (3.0.7)
    rack-session (2.0.0)
      rack (>= 3.0.0)
    rack-test (2.1.0)
      rack (>= 1.3)
    rackup (2.1.0)
      rack (>= 3)
      webrick (~> 1.8)
    rails-dom-testing (2.0.3)
      activesupport (>= 4.2.0)
      nokogiri (>= 1.6)
    rails-html-sanitizer (1.5.0)
      loofah (~> 2.19, >= 2.19.1)
    rake (13.0.6)
    reline (0.3.3)
      io-console (~> 0.5)
    ruby2_keywords (0.0.5)
    sprockets (4.2.0)
      concurrent-ruby (~> 1.0)
      rack (>= 2.2.4, < 4)
    sprockets-rails (3.4.2)
      actionpack (>= 5.2)
      activesupport (>= 5.2)
      sprockets (>= 3.0.0)
    sqlite3 (1.6.2-x86_64-linux)
    stimulus-rails (1.2.1)
      railties (>= 6.0.0)
    tailwindcss-rails (2.0.27-x86_64-linux)
      railties (>= 6.0.0)
    thor (1.2.1)
    timeout (0.3.2)
    turbo-rails (1.4.0)
      actionpack (>= 6.0.0)
      activejob (>= 6.0.0)
      railties (>= 6.0.0)
    tzinfo (2.0.6)
      concurrent-ruby (~> 1.0)
    web-console (4.2.0)
      actionview (>= 6.0.0)
      activemodel (>= 6.0.0)
      bindex (>= 0.4.0)
      railties (>= 6.0.0)
    webrick (1.8.1)
    websocket-driver (0.7.5)
      websocket-extensions (>= 0.1.0)
    websocket-extensions (0.1.5)
    zeitwerk (2.6.7)

PLATFORMS
  x86_64-linux

DEPENDENCIES
  bootsnap
  debug
  error_highlight (>= 0.4.0)
  importmap-rails
  jbuilder
  opentelemetry-exporter-otlp
  opentelemetry-instrumentation-all
  opentelemetry-sdk
  puma (>= 5.0)
  rails!
  sprockets-rails
  sqlite3 (~> 1.4)
  stimulus-rails
  tailwindcss-rails
  turbo-rails
  tzinfo-data
  web-console

RUBY VERSION
   ruby 3.1.2p20

BUNDLED WITH
   2.4.8
